GEM
  remote: http://rubygems.org/
  specs:
    ansi (1.4.1)
    archive-tar-minitar (0.5.2)
    columnize (0.3.6)
    linecache19 (0.5.12)
      ruby_core_source (>= 0.1.4)
    minitest (2.10.0)
    ruby-debug-base19 (0.11.25)
      columnize (>= 0.3.1)
      linecache19 (>= 0.5.11)
      ruby_core_source (>= 0.1.4)
    ruby-debug19 (0.11.6)
      columnize (>= 0.3.1)
      linecache19 (>= 0.5.11)
      ruby-debug-base19 (>= 0.11.19)
    ruby_core_source (0.1.5)
      archive-tar-minitar (>= 0.5.2)
    turn (0.8.3)
      ansi

PLATFORMS
  ruby

DEPENDENCIES
  minitest
  ruby-debug19
  turn
